PATH
  remote: .
  specs:
    simple_eventick_api (0.0.5)

GEM
  remote: https://rubygems.org/
  specs:
    httparty (0.12.0)
      json (~> 1.8)
      multi_xml (>= 0.5.2)
    json (1.8.0)
    multi_xml (0.5.5)
    rake (10.1.0)

PLATFORMS
  ruby

DEPENDENCIES
  bundler (~> 1.3)
  httparty
  rake
  simple_eventick_api!
